PATH
  remote: .
  specs:
    activerecord-setops (1.0.0)

GEM
  remote: https://rubygems.org/
  specs:
    activemodel (6.1.1)
      activesupport (= 6.1.1)
    activerecord (6.1.1)
      activemodel (= 6.1.1)
      activesupport (= 6.1.1)
    activesupport (6.1.1)
      concurrent-ruby (~> 1.0, >= 1.0.2)
      i18n (>= 1.6, < 2)
      minitest (>= 5.1)
      tzinfo (~> 2.0)
      zeitwerk (~> 2.3)
    concurrent-ruby (1.1.8)
    contracts (0.16.0)
    contracts-gen (0.1.2)
      contracts (~> 0.16.0)
      faker (~> 1.9.6)
      gen-test (~> 0.1.0)
    diff-lcs (1.4.4)
    faker (1.9.6)
      i18n (>= 0.7)
    gen-test (0.1.3)
      faker (~> 1.9.6)
      regexp-examples (~> 1.5.0)
    i18n (1.8.7)
      concurrent-ruby (~> 1.0)
    minitest (5.14.3)
    rake (13.0.3)
    regexp-examples (1.5.1)
    rspec (3.10.0)
      rspec-core (~> 3.10.0)
      rspec-expectations (~> 3.10.0)
      rspec-mocks (~> 3.10.0)
    rspec-core (3.10.1)
      rspec-support (~> 3.10.0)
    rspec-expectations (3.10.1)
      diff-lcs (>= 1.2.0, < 2.0)
      rspec-support (~> 3.10.0)
    rspec-mocks (3.10.1)
      diff-lcs (>= 1.2.0, < 2.0)
      rspec-support (~> 3.10.0)
    rspec-support (3.10.1)
    sqlite3 (1.4.2)
    tzinfo (2.0.4)
      concurrent-ruby (~> 1.0)
    zeitwerk (2.4.2)

PLATFORMS
  ruby

DEPENDENCIES
  activerecord (>= 5.2)
  activerecord-setops!
  activesupport (>= 5.2)
  bundler (~> 2.1)
  contracts-gen (~> 0.1.1)
  gen-test (~> 0.1.1)
  rake (~> 13.0)
  rspec (~> 3.0)
  sqlite3 (~> 1.4.2)

BUNDLED WITH
   2.1.4
