GIT
  remote: https://github.com/delonnewman/contracts-gen
  revision: 48f5d08cf2df0f2f21df887b77022b5793c7017e
  specs:
    contracts-gen (0.2.0)
      contracts (~> 0.16.0)
      faker (~> 1.9.6)
      gen-test (~> 0.2)

GIT
  remote: https://github.com/delonnewman/gen-test
  revision: 3279faed9301ac6f7accf137d58ff6dae124b834
  specs:
    gen-test (0.2.0)
      faker (~> 1.9.6)
      regexp-examples (~> 1.5.0)

PATH
  remote: .
  specs:
    activerecord-setops (1.0.1)

GEM
  remote: https://rubygems.org/
  specs:
    activemodel (6.1.7)
      activesupport (= 6.1.7)
    activerecord (6.1.7)
      activemodel (= 6.1.7)
      activesupport (= 6.1.7)
    activesupport (6.1.7)
      concurrent-ruby (~> 1.0, >= 1.0.2)
      i18n (>= 1.6, < 2)
      minitest (>= 5.1)
      tzinfo (~> 2.0)
      zeitwerk (~> 2.3)
    concurrent-ruby (1.1.10)
    contracts (0.16.0)
    diff-lcs (1.4.4)
    faker (1.9.6)
      i18n (>= 0.7)
    i18n (1.12.0)
      concurrent-ruby (~> 1.0)
    minitest (5.15.0)
    rake (13.0.3)
    regexp-examples (1.5.1)
    rspec (3.10.0)
      rspec-core (~> 3.10.0)
      rspec-expectations (~> 3.10.0)
      rspec-mocks (~> 3.10.0)
    rspec-core (3.10.1)
      rspec-support (~> 3.10.0)
    rspec-expectations (3.10.1)
      diff-lcs (>= 1.2.0, < 2.0)
      rspec-support (~> 3.10.0)
    rspec-mocks (3.10.1)
      diff-lcs (>= 1.2.0, < 2.0)
      rspec-support (~> 3.10.0)
    rspec-support (3.10.1)
    sqlite3 (1.4.2)
    tzinfo (2.0.5)
      concurrent-ruby (~> 1.0)
    zeitwerk (2.6.0)

PLATFORMS
  ruby

DEPENDENCIES
  activerecord (~> 6.1)
  activerecord-setops!
  activesupport (~> 6.1)
  bundler (~> 2.1)
  contracts-gen!
  gen-test!
  rake (~> 13.0)
  rspec (~> 3.0)
  sqlite3 (~> 1.4.2)

BUNDLED WITH
   2.2.3
