PATH
  remote: .
  specs:
    activerecord-setops (0.1.5)

GEM
  remote: https://rubygems.org/
  specs:
    activemodel (5.2.4.3)
      activesupport (= 5.2.4.3)
    activerecord (5.2.4.3)
      activemodel (= 5.2.4.3)
      activesupport (= 5.2.4.3)
      arel (>= 9.0)
    activesupport (5.2.4.3)
      concurrent-ruby (~> 1.0, >= 1.0.2)
      i18n (>= 0.7, < 2)
      minitest (~> 5.1)
      tzinfo (~> 1.1)
    arel (9.0.0)
    concurrent-ruby (1.1.6)
    contracts (0.16.0)
    contracts-gen (0.1.1)
      contracts (~> 0.16.0)
      faker (~> 1.9.6)
      gen-test (~> 0.1.0)
    diff-lcs (1.3)
    faker (1.9.6)
      i18n (>= 0.7)
    gen-test (0.1.1)
      faker (~> 1.9.6)
      regexp-examples (~> 1.5.0)
    i18n (1.8.2)
      concurrent-ruby (~> 1.0)
    minitest (5.14.1)
    rake (13.0.1)
    regexp-examples (1.5.1)
    rspec (3.9.0)
      rspec-core (~> 3.9.0)
      rspec-expectations (~> 3.9.0)
      rspec-mocks (~> 3.9.0)
    rspec-core (3.9.1)
      rspec-support (~> 3.9.1)
    rspec-expectations (3.9.0)
      diff-lcs (>= 1.2.0, < 2.0)
      rspec-support (~> 3.9.0)
    rspec-mocks (3.9.1)
      diff-lcs (>= 1.2.0, < 2.0)
      rspec-support (~> 3.9.0)
    rspec-support (3.9.2)
    sqlite3 (1.4.2)
    thread_safe (0.3.6)
    tzinfo (1.2.7)
      thread_safe (~> 0.1)

PLATFORMS
  ruby

DEPENDENCIES
  activerecord (>= 5.2.4.3, < 6)
  activerecord-setops!
  activesupport (>= 5.2.4.3, < 6)
  bundler (~> 1.17)
  contracts-gen (~> 0.1.1)
  gen-test (~> 0.1.1)
  rake (~> 13.0)
  rspec (~> 3.0)
  sqlite3 (~> 1.4.2)

BUNDLED WITH
   1.17.3
